STORAGE: NONE
RESTRICTION: == net8.0
NUGET
  remote: https://api.nuget.org/v3/index.json
    Fable.AST (4.4)
    Fable.Browser.Blob (1.3)
      Fable.Core (>= 3.0)
      FSharp.Core (>= 4.7.2)
    Fable.Browser.Dom (2.16)
      Fable.Browser.Blob (>= 1.3)
      Fable.Browser.Event (>= 1.5)
      Fable.Browser.WebStorage (>= 1.2)
      Fable.Core (>= 3.2.8)
      FSharp.Core (>= 4.7.2)
    Fable.Browser.Event (1.5)
      Fable.Browser.Gamepad (>= 1.1)
      Fable.Core (>= 3.0)
      FSharp.Core (>= 4.7.2)
    Fable.Browser.Gamepad (1.2)
      Fable.Core (>= 3.0)
      FSharp.Core (>= 4.7.2)
    Fable.Browser.WebStorage (1.2)
      Fable.Browser.Event (>= 1.5)
      Fable.Core (>= 3.0)
      FSharp.Core (>= 4.7.2)
    Fable.Browser.XMLHttpRequest (1.3)
      Fable.Browser.Blob (>= 1.3)
      Fable.Browser.Event (>= 1.5)
      Fable.Core (>= 3.0)
      FSharp.Core (>= 4.7.2)
    Fable.Core (4.3)
    Fable.Elmish (4.1)
      Fable.Core (>= 3.7.1)
      FSharp.Core (>= 4.7.2)
    Fable.Parsimmon (4.1)
      Fable.Core (>= 3.0)
      FSharp.Core (>= 4.6.2)
    Fable.React (9.3)
      Fable.React.Types (>= 18.3)
      Fable.ReactDom.Types (>= 18.2)
      FSharp.Core (>= 4.7.2)
    Fable.React.Types (18.3)
      Fable.Browser.Dom (>= 2.4.4)
      Fable.Core (>= 3.2.7)
      FSharp.Core (>= 4.7.2)
    Fable.ReactDom.Types (18.2)
      Fable.React.Types (>= 18.3)
      FSharp.Core (>= 4.7.2)
    Fable.Remoting.Client (7.32)
      Fable.Browser.XMLHttpRequest (>= 1.0)
      Fable.Core (>= 3.1.5)
      Fable.Remoting.MsgPack (>= 1.24)
      Fable.SimpleJson (>= 3.24)
      FSharp.Core (>= 4.7.2)
    Fable.Remoting.Giraffe (5.19)
      Fable.Remoting.Server (>= 5.37)
      FSharp.Core (>= 6.0)
      Giraffe (>= 5.0)
      Microsoft.IO.RecyclableMemoryStream (>= 3.0 < 4.0)
    Fable.Remoting.Json (2.23)
      FSharp.Core (>= 6.0)
      Newtonsoft.Json (>= 12.0.2)
    Fable.Remoting.MsgPack (1.24)
      FSharp.Core (>= 4.7.2)
    Fable.Remoting.Server (5.37)
      Fable.Remoting.Json (>= 2.23)
      Fable.Remoting.MsgPack (>= 1.24)
      FSharp.Core (>= 6.0)
      Microsoft.IO.RecyclableMemoryStream (>= 3.0 < 4.0)
    Fable.SimpleJson (3.24)
      Fable.Core (>= 3.1.5)
      Fable.Parsimmon (>= 4.0)
      FSharp.Core (>= 4.7)
    Feliz (2.7)
      Fable.ReactDom.Types (>= 18.2)
      Feliz.CompilerPlugins (>= 2.2)
      FSharp.Core (>= 4.7.2)
    Feliz.CompilerPlugins (2.2)
      Fable.AST (>= 4.2.1)
      FSharp.Core (>= 4.7.2)
    Feliz.DaisyUI (4.2)
      Feliz (>= 2.7)
      FSharp.Core (>= 4.7.2)
    Feliz.Router (4.0)
      Fable.Elmish (>= 4.0)
      Feliz (>= 2.3)
      FSharp.Core (>= 4.7.2)
    Feliz.UseElmish (2.5)
      Fable.Elmish (>= 4.0)
      FSharp.Core (>= 4.7.2)
    FSharp.Core (8.0.200)
    FsToolkit.ErrorHandling (4.15.1)
      FSharp.Core (>= 7.0.300)
    FsToolkit.ErrorHandling.TaskResult (4.15.1)
      FsToolkit.ErrorHandling (>= 4.15.1)
    Giraffe (6.3)
      FSharp.Core (>= 6.0)
      Giraffe.ViewEngine (>= 1.4)
      Microsoft.IO.RecyclableMemoryStream (>= 2.2.1)
      Newtonsoft.Json (>= 13.0.3)
      System.Text.Json (>= 7.0.4)
    Giraffe.GoodRead (2.1)
      FSharp.Core (>= 7.0)
      Giraffe (>= 6.0)
    Giraffe.ViewEngine (1.4)
      FSharp.Core (>= 5.0)
    Microsoft.IO.RecyclableMemoryStream (3.0)
    Newtonsoft.Json (13.0.3)
    System.Text.Encodings.Web (8.0)
    System.Text.Json (8.0.3)
      System.Text.Encodings.Web (>= 8.0)

GROUP Build
STORAGE: NONE
RESTRICTION: == net8.0
NUGET
  remote: https://api.nuget.org/v3/index.json
    BlackFox.VsWhere (1.1)
      FSharp.Core (>= 4.2.3)
      Microsoft.Win32.Registry (>= 4.7)
    Fake.Core.CommandLineParsing (6.0)
      FParsec (>= 1.1.1)
      FSharp.Core (>= 6.0.3)
    Fake.Core.Context (6.0)
      FSharp.Core (>= 6.0.3)
    Fake.Core.Environment (6.0)
      FSharp.Core (>= 6.0.3)
    Fake.Core.FakeVar (6.0)
      Fake.Core.Context (>= 6.0)
      FSharp.Core (>= 6.0.3)
    Fake.Core.Process (6.0)
      Fake.Core.Environment (>= 6.0)
      Fake.Core.FakeVar (>= 6.0)
      Fake.Core.String (>= 6.0)
      Fake.Core.Trace (>= 6.0)
      Fake.IO.FileSystem (>= 6.0)
      FSharp.Core (>= 6.0.3)
      System.Collections.Immutable (>= 6.0)
    Fake.Core.SemVer (6.0)
      FSharp.Core (>= 6.0.3)
    Fake.Core.String (6.0)
      FSharp.Core (>= 6.0.3)
    Fake.Core.Target (6.0)
      Fake.Core.CommandLineParsing (>= 6.0)
      Fake.Core.Context (>= 6.0)
      Fake.Core.Environment (>= 6.0)
      Fake.Core.FakeVar (>= 6.0)
      Fake.Core.Process (>= 6.0)
      Fake.Core.String (>= 6.0)
      Fake.Core.Trace (>= 6.0)
      FSharp.Control.Reactive (>= 5.0.2)
      FSharp.Core (>= 6.0.3)
    Fake.Core.Tasks (6.0)
      Fake.Core.Trace (>= 6.0)
      FSharp.Core (>= 6.0.3)
    Fake.Core.Trace (6.0)
      Fake.Core.Environment (>= 6.0)
      Fake.Core.FakeVar (>= 6.0)
      FSharp.Core (>= 6.0.3)
    Fake.Core.Xml (6.0)
      Fake.Core.String (>= 6.0)
      FSharp.Core (>= 6.0.3)
    Fake.DotNet.Cli (6.0)
      Fake.Core.Environment (>= 6.0)
      Fake.Core.Process (>= 6.0)
      Fake.Core.String (>= 6.0)
      Fake.Core.Trace (>= 6.0)
      Fake.DotNet.MSBuild (>= 6.0)
      Fake.DotNet.NuGet (>= 6.0)
      Fake.IO.FileSystem (>= 6.0)
      FSharp.Core (>= 6.0.3)
      Mono.Posix.NETStandard (>= 1.0)
      Newtonsoft.Json (>= 13.0.1)
    Fake.DotNet.MSBuild (6.0)
      BlackFox.VsWhere (>= 1.1)
      Fake.Core.Environment (>= 6.0)
      Fake.Core.Process (>= 6.0)
      Fake.Core.String (>= 6.0)
      Fake.Core.Trace (>= 6.0)
      Fake.IO.FileSystem (>= 6.0)
      FSharp.Core (>= 6.0.3)
      MSBuild.StructuredLogger (>= 2.1.545)
    Fake.DotNet.NuGet (6.0)
      Fake.Core.Environment (>= 6.0)
      Fake.Core.Process (>= 6.0)
      Fake.Core.SemVer (>= 6.0)
      Fake.Core.String (>= 6.0)
      Fake.Core.Tasks (>= 6.0)
      Fake.Core.Trace (>= 6.0)
      Fake.Core.Xml (>= 6.0)
      Fake.IO.FileSystem (>= 6.0)
      Fake.Net.Http (>= 6.0)
      FSharp.Core (>= 6.0.3)
      Newtonsoft.Json (>= 13.0.1)
      NuGet.Protocol (>= 6.0)
    Fake.IO.FileSystem (6.0)
      Fake.Core.String (>= 6.0)
      Fake.Core.Trace (>= 6.0)
      FSharp.Core (>= 6.0.3)
    Fake.Net.Http (6.0)
      Fake.Core.Trace (>= 6.0)
      FSharp.Core (>= 6.0.3)
    FParsec (1.1.1)
      FSharp.Core (>= 4.3.4)
    FSharp.Control.Reactive (5.0.5)
      FSharp.Core (>= 4.7.2)
      System.Reactive (>= 5.0 < 6.0)
    FSharp.Core (8.0.200)
    Microsoft.Build.Framework (17.9.5)
    Microsoft.Build.Utilities.Core (17.9.5)
      Microsoft.Build.Framework (>= 17.9.5)
      Microsoft.NET.StringTools (>= 17.9.5)
      System.Collections.Immutable (>= 8.0)
      System.Configuration.ConfigurationManager (>= 8.0)
    Microsoft.NET.StringTools (17.9.5)
    Microsoft.Win32.Registry (5.0)
      System.Security.AccessControl (>= 5.0)
      System.Security.Principal.Windows (>= 5.0)
    Mono.Posix.NETStandard (1.0)
    MSBuild.StructuredLogger (2.2.206)
      Microsoft.Build.Framework (>= 17.5)
      Microsoft.Build.Utilities.Core (>= 17.5)
    Newtonsoft.Json (13.0.3)
    NuGet.Common (6.9.1)
      NuGet.Frameworks (>= 6.9.1)
    NuGet.Configuration (6.9.1)
      NuGet.Common (>= 6.9.1)
      System.Security.Cryptography.ProtectedData (>= 4.4)
    NuGet.Frameworks (6.9.1)
    NuGet.Packaging (6.9.1)
      Newtonsoft.Json (>= 13.0.3)
      NuGet.Configuration (>= 6.9.1)
      NuGet.Versioning (>= 6.9.1)
      System.Security.Cryptography.Pkcs (>= 6.0.4)
    NuGet.Protocol (6.9.1)
      NuGet.Packaging (>= 6.9.1)
    NuGet.Versioning (6.9.1)
    System.Collections.Immutable (8.0)
    System.Configuration.ConfigurationManager (8.0)
      System.Diagnostics.EventLog (>= 8.0)
      System.Security.Cryptography.ProtectedData (>= 8.0)
    System.Diagnostics.EventLog (8.0)
    System.Formats.Asn1 (8.0)
    System.Reactive (5.0)
    System.Security.AccessControl (6.0)
    System.Security.Cryptography.Pkcs (8.0)
      System.Formats.Asn1 (>= 8.0)
    System.Security.Cryptography.ProtectedData (8.0)
    System.Security.Principal.Windows (5.0)
