STORAGE: NONE
RESTRICTION: == net7.0
NUGET
  remote: https://api.nuget.org/v3/index.json
    Fable.AST (4.2.1)
    Fable.Browser.Blob (1.3)
      Fable.Core (>= 3.0)
      FSharp.Core (>= 4.7.2)
    Fable.Browser.Dom (2.14)
      Fable.Browser.Blob (>= 1.3)
      Fable.Browser.Event (>= 1.5)
      Fable.Browser.WebStorage (>= 1.2)
      Fable.Core (>= 3.2.8)
      FSharp.Core (>= 4.7.2)
    Fable.Browser.Event (1.5)
      Fable.Browser.Gamepad (>= 1.1)
      Fable.Core (>= 3.0)
      FSharp.Core (>= 4.7.2)
    Fable.Browser.Gamepad (1.2)
      Fable.Core (>= 3.0)
      FSharp.Core (>= 4.7.2)
    Fable.Browser.WebStorage (1.2)
      Fable.Browser.Event (>= 1.5)
      Fable.Core (>= 3.0)
      FSharp.Core (>= 4.7.2)
    Fable.Browser.XMLHttpRequest (1.3)
      Fable.Browser.Blob (>= 1.3)
      Fable.Browser.Event (>= 1.5)
      Fable.Core (>= 3.0)
      FSharp.Core (>= 4.7.2)
    Fable.Core (4.0.0-theta-007)
    Fable.Elmish (4.0.1)
      Fable.Core (>= 3.7.1)
      FSharp.Core (>= 4.7.2)
    Fable.Parsimmon (4.1)
      Fable.Core (>= 3.0)
      FSharp.Core (>= 4.6.2)
    Fable.React (9.2)
      Fable.React.Types (>= 18.3)
      Fable.ReactDom.Types (>= 18.2)
      FSharp.Core (>= 4.7.2)
    Fable.React.Types (18.3)
      Fable.Browser.Dom (>= 2.4.4)
      Fable.Core (>= 3.2.7)
      FSharp.Core (>= 4.7.2)
    Fable.ReactDom.Types (18.2)
      Fable.React.Types (>= 18.3)
      FSharp.Core (>= 4.7.2)
    Fable.Remoting.Client (7.25)
      Fable.Browser.XMLHttpRequest (>= 1.0)
      Fable.Core (>= 3.1.5)
      Fable.Remoting.MsgPack (>= 1.18)
      Fable.SimpleJson (>= 3.24)
      FSharp.Core (>= 4.7.2)
    Fable.Remoting.Giraffe (5.14)
      Fable.Remoting.Server (>= 5.32)
      FSharp.Core (>= 6.0)
      Giraffe (>= 5.0)
      Microsoft.IO.RecyclableMemoryStream (>= 2.2)
    Fable.Remoting.Json (2.23)
      FSharp.Core (>= 6.0)
      Newtonsoft.Json (>= 12.0.2)
    Fable.Remoting.MsgPack (1.18)
      FSharp.Core (>= 4.7.2)
    Fable.Remoting.Server (5.32)
      Fable.Remoting.Json (>= 2.21)
      Fable.Remoting.MsgPack (>= 1.18)
      FSharp.Core (>= 6.0)
      Microsoft.IO.RecyclableMemoryStream (>= 2.2)
    Fable.SimpleJson (3.24)
      Fable.Core (>= 3.1.5)
      Fable.Parsimmon (>= 4.0)
      FSharp.Core (>= 4.7)
    Feliz (2.4.1)
      Fable.ReactDom.Types (>= 18.2)
      Feliz.CompilerPlugins (>= 2.0)
      FSharp.Core (>= 4.7.2)
    Feliz.CompilerPlugins (2.0)
      Fable.AST (>= 4.2.1)
      FSharp.Core (>= 4.7.2)
    Feliz.DaisyUI (3.0)
      Feliz (>= 2.4.1)
      FSharp.Core (>= 4.7.2)
    Feliz.Router (4.0)
      Fable.Elmish (>= 4.0)
      Feliz (>= 2.3)
      FSharp.Core (>= 4.7.2)
    Feliz.UseElmish (2.3)
      Fable.Elmish (>= 4.0)
      FSharp.Core (>= 4.7.2)
    FSharp.Core (7.0.200)
    FsToolkit.ErrorHandling (4.4)
      FSharp.Core (>= 7.0)
    FsToolkit.ErrorHandling.TaskResult (4.4)
      FsToolkit.ErrorHandling (>= 4.4)
    Giraffe (6.0)
      FSharp.Core (>= 6.0.1)
      Giraffe.ViewEngine (>= 1.3)
      Microsoft.IO.RecyclableMemoryStream (>= 2.2)
      Newtonsoft.Json (>= 13.0.1)
      System.Text.Json (>= 6.0.2)
      Utf8Json (>= 1.3.7)
    Giraffe.GoodRead (2.1)
      FSharp.Core (>= 7.0)
      Giraffe (>= 6.0)
    Giraffe.ViewEngine (1.4)
      FSharp.Core (>= 5.0)
    Microsoft.ApplicationInsights (2.21)
      System.Diagnostics.DiagnosticSource (>= 5.0)
    Microsoft.ApplicationInsights.AspNetCore (2.21)
      Microsoft.ApplicationInsights (>= 2.21)
      Microsoft.ApplicationInsights.DependencyCollector (>= 2.21)
      Microsoft.ApplicationInsights.EventCounterCollector (>= 2.21)
      Microsoft.ApplicationInsights.PerfCounterCollector (>= 2.21)
      Microsoft.ApplicationInsights.WindowsServer (>= 2.21)
      Microsoft.ApplicationInsights.WindowsServer.TelemetryChannel (>= 2.21)
      Microsoft.AspNetCore.Hosting (>= 2.1.1)
      Microsoft.AspNetCore.Http (>= 2.1.22)
      Microsoft.Extensions.Configuration.Json (>= 3.1)
      Microsoft.Extensions.Logging.ApplicationInsights (>= 2.21)
      System.Text.Encodings.Web (>= 4.7.2)
    Microsoft.ApplicationInsights.DependencyCollector (2.21)
      Microsoft.ApplicationInsights (>= 2.21)
      System.Diagnostics.DiagnosticSource (>= 5.0)
    Microsoft.ApplicationInsights.EventCounterCollector (2.21)
      Microsoft.ApplicationInsights (>= 2.21)
    Microsoft.ApplicationInsights.PerfCounterCollector (2.21)
      Microsoft.ApplicationInsights (>= 2.21)
      Microsoft.Extensions.Caching.Memory (>= 1.0)
      System.Diagnostics.PerformanceCounter (>= 4.7)
    Microsoft.ApplicationInsights.WindowsServer (2.21)
      Microsoft.ApplicationInsights (>= 2.21)
      Microsoft.ApplicationInsights.DependencyCollector (>= 2.21)
      Microsoft.ApplicationInsights.PerfCounterCollector (>= 2.21)
      Microsoft.ApplicationInsights.WindowsServer.TelemetryChannel (>= 2.21)
      System.Diagnostics.DiagnosticSource (>= 5.0)
    Microsoft.ApplicationInsights.WindowsServer.TelemetryChannel (2.21)
      Microsoft.ApplicationInsights (>= 2.21)
      System.IO.FileSystem.AccessControl (>= 4.7)
    Microsoft.AspNetCore.Hosting (2.2.7)
      Microsoft.AspNetCore.Hosting.Abstractions (>= 2.2)
      Microsoft.AspNetCore.Http (>= 2.2)
      Microsoft.AspNetCore.Http.Extensions (>= 2.2)
      Microsoft.Extensions.Configuration (>= 2.2)
      Microsoft.Extensions.Configuration.EnvironmentVariables (>= 2.2.4)
      Microsoft.Extensions.Configuration.FileExtensions (>= 2.2)
      Microsoft.Extensions.DependencyInjection (>= 2.2)
      Microsoft.Extensions.FileProviders.Physical (>= 2.2)
      Microsoft.Extensions.Hosting.Abstractions (>= 2.2)
      Microsoft.Extensions.Logging (>= 2.2)
      Microsoft.Extensions.Options (>= 2.2)
      System.Diagnostics.DiagnosticSource (>= 4.5.1)
      System.Reflection.Metadata (>= 1.6)
    Microsoft.AspNetCore.Hosting.Abstractions (2.2)
      Microsoft.AspNetCore.Hosting.Server.Abstractions (>= 2.2)
      Microsoft.AspNetCore.Http.Abstractions (>= 2.2)
      Microsoft.Extensions.Hosting.Abstractions (>= 2.2)
    Microsoft.AspNetCore.Hosting.Server.Abstractions (2.2)
      Microsoft.AspNetCore.Http.Features (>= 2.2)
      Microsoft.Extensions.Configuration.Abstractions (>= 2.2)
    Microsoft.AspNetCore.Http (2.2.2)
      Microsoft.AspNetCore.Http.Abstractions (>= 2.2)
      Microsoft.AspNetCore.WebUtilities (>= 2.2)
      Microsoft.Extensions.ObjectPool (>= 2.2)
      Microsoft.Extensions.Options (>= 2.2)
      Microsoft.Net.Http.Headers (>= 2.2)
    Microsoft.AspNetCore.Http.Abstractions (2.2)
      Microsoft.AspNetCore.Http.Features (>= 2.2)
      System.Text.Encodings.Web (>= 4.5)
    Microsoft.AspNetCore.Http.Extensions (2.2)
      Microsoft.AspNetCore.Http.Abstractions (>= 2.2)
      Microsoft.Extensions.FileProviders.Abstractions (>= 2.2)
      Microsoft.Net.Http.Headers (>= 2.2)
      System.Buffers (>= 4.5)
    Microsoft.AspNetCore.Http.Features (5.0.17)
      Microsoft.Extensions.Primitives (>= 5.0.1)
      System.IO.Pipelines (>= 5.0.2)
    Microsoft.AspNetCore.WebUtilities (2.2)
      Microsoft.Net.Http.Headers (>= 2.2)
      System.Text.Encodings.Web (>= 4.5)
    Microsoft.Extensions.Caching.Abstractions (7.0)
      Microsoft.Extensions.Primitives (>= 7.0)
    Microsoft.Extensions.Caching.Memory (7.0)
      Microsoft.Extensions.Caching.Abstractions (>= 7.0)
      Microsoft.Extensions.DependencyInjection.Abstractions (>= 7.0)
      Microsoft.Extensions.Logging.Abstractions (>= 7.0)
      Microsoft.Extensions.Options (>= 7.0)
      Microsoft.Extensions.Primitives (>= 7.0)
    Microsoft.Extensions.Configuration (7.0)
      Microsoft.Extensions.Configuration.Abstractions (>= 7.0)
      Microsoft.Extensions.Primitives (>= 7.0)
    Microsoft.Extensions.Configuration.Abstractions (7.0)
      Microsoft.Extensions.Primitives (>= 7.0)
    Microsoft.Extensions.Configuration.EnvironmentVariables (7.0)
      Microsoft.Extensions.Configuration (>= 7.0)
      Microsoft.Extensions.Configuration.Abstractions (>= 7.0)
    Microsoft.Extensions.Configuration.FileExtensions (7.0)
      Microsoft.Extensions.Configuration (>= 7.0)
      Microsoft.Extensions.Configuration.Abstractions (>= 7.0)
      Microsoft.Extensions.FileProviders.Abstractions (>= 7.0)
      Microsoft.Extensions.FileProviders.Physical (>= 7.0)
      Microsoft.Extensions.Primitives (>= 7.0)
    Microsoft.Extensions.Configuration.Json (7.0)
      Microsoft.Extensions.Configuration (>= 7.0)
      Microsoft.Extensions.Configuration.Abstractions (>= 7.0)
      Microsoft.Extensions.Configuration.FileExtensions (>= 7.0)
      Microsoft.Extensions.FileProviders.Abstractions (>= 7.0)
      System.Text.Json (>= 7.0)
    Microsoft.Extensions.DependencyInjection (7.0)
      Microsoft.Extensions.DependencyInjection.Abstractions (>= 7.0)
    Microsoft.Extensions.DependencyInjection.Abstractions (7.0)
    Microsoft.Extensions.FileProviders.Abstractions (7.0)
      Microsoft.Extensions.Primitives (>= 7.0)
    Microsoft.Extensions.FileProviders.Physical (7.0)
      Microsoft.Extensions.FileProviders.Abstractions (>= 7.0)
      Microsoft.Extensions.FileSystemGlobbing (>= 7.0)
      Microsoft.Extensions.Primitives (>= 7.0)
    Microsoft.Extensions.FileSystemGlobbing (7.0)
    Microsoft.Extensions.Hosting.Abstractions (7.0)
      Microsoft.Extensions.Configuration.Abstractions (>= 7.0)
      Microsoft.Extensions.DependencyInjection.Abstractions (>= 7.0)
      Microsoft.Extensions.FileProviders.Abstractions (>= 7.0)
    Microsoft.Extensions.Logging (7.0)
      Microsoft.Extensions.DependencyInjection (>= 7.0)
      Microsoft.Extensions.DependencyInjection.Abstractions (>= 7.0)
      Microsoft.Extensions.Logging.Abstractions (>= 7.0)
      Microsoft.Extensions.Options (>= 7.0)
    Microsoft.Extensions.Logging.Abstractions (7.0)
    Microsoft.Extensions.Logging.ApplicationInsights (2.21)
      Microsoft.ApplicationInsights (>= 2.21)
      Microsoft.Extensions.Logging (>= 2.1.1)
    Microsoft.Extensions.ObjectPool (7.0.4)
    Microsoft.Extensions.Options (7.0.1)
      Microsoft.Extensions.DependencyInjection.Abstractions (>= 7.0)
      Microsoft.Extensions.Primitives (>= 7.0)
    Microsoft.Extensions.Primitives (7.0)
    Microsoft.IO.RecyclableMemoryStream (2.3.2)
    Microsoft.Net.Http.Headers (2.2.8)
      Microsoft.Extensions.Primitives (>= 2.2)
      System.Buffers (>= 4.5)
    Microsoft.Win32.SystemEvents (7.0)
    Newtonsoft.Json (13.0.3)
    System.Buffers (4.5.1)
    System.Collections.Immutable (7.0)
    System.Configuration.ConfigurationManager (7.0)
      System.Diagnostics.EventLog (>= 7.0)
      System.Security.Cryptography.ProtectedData (>= 7.0)
      System.Security.Permissions (>= 7.0)
    System.Diagnostics.DiagnosticSource (7.0.2)
    System.Diagnostics.EventLog (7.0)
    System.Diagnostics.PerformanceCounter (7.0)
      System.Configuration.ConfigurationManager (>= 7.0)
    System.Drawing.Common (7.0)
      Microsoft.Win32.SystemEvents (>= 7.0)
    System.IO.FileSystem.AccessControl (5.0)
      System.Security.AccessControl (>= 5.0)
      System.Security.Principal.Windows (>= 5.0)
    System.IO.Pipelines (7.0)
    System.Reflection.Emit (4.7)
    System.Reflection.Emit.Lightweight (4.7)
    System.Reflection.Metadata (7.0.1)
      System.Collections.Immutable (>= 7.0)
    System.Security.AccessControl (6.0)
    System.Security.Cryptography.ProtectedData (7.0.1)
    System.Security.Permissions (7.0)
      System.Windows.Extensions (>= 7.0)
    System.Security.Principal.Windows (5.0)
    System.Text.Encodings.Web (7.0)
    System.Text.Json (7.0.2)
      System.Text.Encodings.Web (>= 7.0)
    System.Threading.Tasks.Extensions (4.5.4)
    System.ValueTuple (4.5)
    System.Windows.Extensions (7.0)
      System.Drawing.Common (>= 7.0)
    Utf8Json (1.3.7)
      System.Reflection.Emit (>= 4.3)
      System.Reflection.Emit.Lightweight (>= 4.3)
      System.Threading.Tasks.Extensions (>= 4.4)
      System.ValueTuple (>= 4.4)

GROUP Build
STORAGE: NONE
RESTRICTION: == net7.0
NUGET
  remote: https://api.nuget.org/v3/index.json
    BlackFox.VsWhere (1.1)
      FSharp.Core (>= 4.2.3)
      Microsoft.Win32.Registry (>= 4.7)
    Fake.Core.CommandLineParsing (6.0)
      FParsec (>= 1.1.1)
      FSharp.Core (>= 6.0.3)
    Fake.Core.Context (6.0)
      FSharp.Core (>= 6.0.3)
    Fake.Core.Environment (6.0)
      FSharp.Core (>= 6.0.3)
    Fake.Core.FakeVar (6.0)
      Fake.Core.Context (>= 6.0)
      FSharp.Core (>= 6.0.3)
    Fake.Core.Process (6.0)
      Fake.Core.Environment (>= 6.0)
      Fake.Core.FakeVar (>= 6.0)
      Fake.Core.String (>= 6.0)
      Fake.Core.Trace (>= 6.0)
      Fake.IO.FileSystem (>= 6.0)
      FSharp.Core (>= 6.0.3)
      System.Collections.Immutable (>= 6.0)
    Fake.Core.SemVer (6.0)
      FSharp.Core (>= 6.0.3)
    Fake.Core.String (6.0)
      FSharp.Core (>= 6.0.3)
    Fake.Core.Target (6.0)
      Fake.Core.CommandLineParsing (>= 6.0)
      Fake.Core.Context (>= 6.0)
      Fake.Core.Environment (>= 6.0)
      Fake.Core.FakeVar (>= 6.0)
      Fake.Core.Process (>= 6.0)
      Fake.Core.String (>= 6.0)
      Fake.Core.Trace (>= 6.0)
      FSharp.Control.Reactive (>= 5.0.2)
      FSharp.Core (>= 6.0.3)
    Fake.Core.Tasks (6.0)
      Fake.Core.Trace (>= 6.0)
      FSharp.Core (>= 6.0.3)
    Fake.Core.Trace (6.0)
      Fake.Core.Environment (>= 6.0)
      Fake.Core.FakeVar (>= 6.0)
      FSharp.Core (>= 6.0.3)
    Fake.Core.Xml (6.0)
      Fake.Core.String (>= 6.0)
      FSharp.Core (>= 6.0.3)
    Fake.DotNet.Cli (6.0)
      Fake.Core.Environment (>= 6.0)
      Fake.Core.Process (>= 6.0)
      Fake.Core.String (>= 6.0)
      Fake.Core.Trace (>= 6.0)
      Fake.DotNet.MSBuild (>= 6.0)
      Fake.DotNet.NuGet (>= 6.0)
      Fake.IO.FileSystem (>= 6.0)
      FSharp.Core (>= 6.0.3)
      Mono.Posix.NETStandard (>= 1.0)
      Newtonsoft.Json (>= 13.0.1)
    Fake.DotNet.MSBuild (6.0)
      BlackFox.VsWhere (>= 1.1)
      Fake.Core.Environment (>= 6.0)
      Fake.Core.Process (>= 6.0)
      Fake.Core.String (>= 6.0)
      Fake.Core.Trace (>= 6.0)
      Fake.IO.FileSystem (>= 6.0)
      FSharp.Core (>= 6.0.3)
      MSBuild.StructuredLogger (>= 2.1.545)
    Fake.DotNet.NuGet (6.0)
      Fake.Core.Environment (>= 6.0)
      Fake.Core.Process (>= 6.0)
      Fake.Core.SemVer (>= 6.0)
      Fake.Core.String (>= 6.0)
      Fake.Core.Tasks (>= 6.0)
      Fake.Core.Trace (>= 6.0)
      Fake.Core.Xml (>= 6.0)
      Fake.IO.FileSystem (>= 6.0)
      Fake.Net.Http (>= 6.0)
      FSharp.Core (>= 6.0.3)
      Newtonsoft.Json (>= 13.0.1)
      NuGet.Protocol (>= 6.0)
    Fake.IO.FileSystem (6.0)
      Fake.Core.String (>= 6.0)
      Fake.Core.Trace (>= 6.0)
      FSharp.Core (>= 6.0.3)
    Fake.Net.Http (6.0)
      Fake.Core.Trace (>= 6.0)
      FSharp.Core (>= 6.0.3)
    FParsec (1.1.1)
      FSharp.Core (>= 4.3.4)
    FSharp.Control.Reactive (5.0.5)
      FSharp.Core (>= 4.7.2)
      System.Reactive (>= 5.0 < 6.0)
    FSharp.Core (7.0.200)
    Microsoft.Build.Framework (17.5)
      System.Security.Permissions (>= 6.0)
    Microsoft.Build.Utilities.Core (17.5)
      Microsoft.Build.Framework (>= 17.5)
      Microsoft.NET.StringTools (>= 17.5)
      System.Collections.Immutable (>= 6.0)
      System.Configuration.ConfigurationManager (>= 6.0)
    Microsoft.NET.StringTools (17.5)
    Microsoft.Win32.Registry (5.0)
      System.Security.AccessControl (>= 5.0)
      System.Security.Principal.Windows (>= 5.0)
    Microsoft.Win32.SystemEvents (7.0)
    Mono.Posix.NETStandard (1.0)
    MSBuild.StructuredLogger (2.1.790)
      Microsoft.Build.Framework (>= 16.10)
      Microsoft.Build.Utilities.Core (>= 16.10)
    Newtonsoft.Json (13.0.3)
    NuGet.Common (6.5)
      NuGet.Frameworks (>= 6.5)
    NuGet.Configuration (6.5)
      NuGet.Common (>= 6.5)
      System.Security.Cryptography.ProtectedData (>= 4.4)
    NuGet.Frameworks (6.5)
    NuGet.Packaging (6.5)
      Newtonsoft.Json (>= 13.0.1)
      NuGet.Configuration (>= 6.5)
      NuGet.Versioning (>= 6.5)
      System.Security.Cryptography.Cng (>= 5.0)
      System.Security.Cryptography.Pkcs (>= 5.0)
    NuGet.Protocol (6.5)
      NuGet.Packaging (>= 6.5)
    NuGet.Versioning (6.5)
    System.Collections.Immutable (7.0)
    System.Configuration.ConfigurationManager (7.0)
      System.Diagnostics.EventLog (>= 7.0)
      System.Security.Cryptography.ProtectedData (>= 7.0)
      System.Security.Permissions (>= 7.0)
    System.Diagnostics.EventLog (7.0)
    System.Drawing.Common (7.0)
      Microsoft.Win32.SystemEvents (>= 7.0)
    System.Formats.Asn1 (7.0)
    System.Reactive (5.0)
    System.Security.AccessControl (6.0)
    System.Security.Cryptography.Cng (5.0)
      System.Formats.Asn1 (>= 5.0)
    System.Security.Cryptography.Pkcs (7.0.1)
      System.Formats.Asn1 (>= 7.0)
    System.Security.Cryptography.ProtectedData (7.0.1)
    System.Security.Permissions (7.0)
      System.Windows.Extensions (>= 7.0)
    System.Security.Principal.Windows (5.0)
    System.Windows.Extensions (7.0)
      System.Drawing.Common (>= 7.0)
